PATH
  remote: .
  specs:
    rekey (4.0.0)
      pluckit

GEM
  remote: https://rubygems.org/
  specs:
    minitest (5.14.0)
    pluckit (1.1.0)
    rake (13.0.1)

PLATFORMS
  ruby

DEPENDENCIES
  minitest
  rake
  rekey!

BUNDLED WITH
   1.17.2
