PATH
  remote: .
  specs:
    rekey (2.0.0)
      pluckit (~> 0)

GEM
  remote: https://rubygems.org/
  specs:
    minitest (5.10.1)
    pluckit (0.0.3)
    rake (10.5.0)

PLATFORMS
  ruby

DEPENDENCIES
  minitest (~> 5)
  rake (~> 10)
  rekey!

BUNDLED WITH
   1.15.4
