PATH
  remote: .
  specs:
    rekey (2.0.1)
      pluckit (~> 1)

GEM
  remote: https://rubygems.org/
  specs:
    minitest (5.10.3)
    pluckit (1.0.0)
    rake (10.5.0)

PLATFORMS
  ruby

DEPENDENCIES
  minitest (~> 5)
  rake (~> 10)
  rekey!

BUNDLED WITH
   1.16.1
